GEM
  remote: http://rubygems.org/
  specs:
    builder (2.1.2)
    crack (0.1.8)
    daemons (1.1.4)
    eventmachine (0.12.10)
    httparty (0.7.4)
      crack (= 0.1.8)
    rack (1.2.2)
    rack-environment (1.2.0)
    sinatra (1.2.1)
      rack (~> 1.1)
      tilt (>= 1.2.2, < 2.0)
    thin (1.2.11)
      daemons (>= 1.0.9)
      eventmachine (>= 0.12.6)
      rack (>= 1.0.0)
    tilt (1.2.2)

PLATFORMS
  ruby

DEPENDENCIES
  builder
  httparty
  rack-environment
  sinatra
  thin
